GEM
  remote: https://rubygems.org/
  specs:
    mustermann (1.1.1)
      ruby2_keywords (~> 0.0.1)
    rack (2.2.4)
    rack-protection (2.2.0)
      rack
    redis (4.7.1)
    ruby2_keywords (0.0.5)
    sinatra (2.2.0)
      mustermann (~> 1.0)
      rack (~> 2.2)
      rack-protection (= 2.2.0)
      tilt (~> 2.0)
    tilt (2.0.10)

PLATFORMS
  arm64-darwin-21
  x86_64-linux

DEPENDENCIES
  redis
  sinatra

RUBY VERSION
   ruby 2.7.5p203

BUNDLED WITH
   2.3.17
